PATH
  remote: .
  specs:
    copyscape (0.0.3)
      httparty (>= 0.8.1)
      nokogiri (~> 1.4.1)

GEM
  remote: http://rubygems.org/
  specs:
    httparty (0.18.1)
      mime-types (~> 3.0)
      multi_xml (>= 0.5.2)
    mime-types (3.3.1)
      mime-types-data (~> 3.2015)
    mime-types-data (3.2020.1104)
    mocha (0.9.8)
      rake
    multi_xml (0.6.0)
    nokogiri (1.4.7)
    rake (13.0.1)
    shoulda-context (1.0.0.beta1)

PLATFORMS
  ruby

DEPENDENCIES
  bundler (>= 1.0.0)
  copyscape!
  mocha
  rake (= 13.0.1)
  shoulda-context
